GEM
  remote: http://rubygems.org/
  specs:
    activemodel (3.2.21)
      activesupport (= 3.2.21)
      builder (~> 3.0.0)
    activesupport (3.2.21)
      i18n (~> 0.6, >= 0.6.4)
      multi_json (~> 1.0)
    bson (1.12.1)
    bson_ext (1.12.1)
      bson (~> 1.12.1)
    builder (3.0.4)
    database_cleaner (1.4.1)
    diff-lcs (1.1.3)
    docile (1.1.5)
    git (1.2.9.1)
    i18n (0.7.0)
    jeweler (1.6.4)
      bundler (~> 1.0)
      git (>= 1.2.5)
      rake
    json (1.8.2)
    mongoid (3.1.6)
      activemodel (~> 3.2)
      moped (~> 1.4)
      origin (~> 1.0)
      tzinfo (~> 0.3.29)
    moped (1.5.2)
    multi_json (1.11.0)
    origin (1.1.0)
    rake (10.4.2)
    rr (1.1.2)
    rspec (2.3.0)
      rspec-core (~> 2.3.0)
      rspec-expectations (~> 2.3.0)
      rspec-mocks (~> 2.3.0)
    rspec-core (2.3.1)
    rspec-expectations (2.3.0)
      diff-lcs (~> 1.1.2)
    rspec-mocks (2.3.0)
    simplecov (0.10.0)
      docile (~> 1.1.0)
      json (~> 1.8)
      simplecov-html (~> 0.10.0)
    simplecov-html (0.10.0)
    tzinfo (0.3.44)

PLATFORMS
  ruby

DEPENDENCIES
  bson_ext (>= 1.3)
  bundler (>= 1.0.0)
  database_cleaner
  jeweler (>= 1.6.0)
  mongoid (>= 2.2)
  rr
  rspec (>= 2.3.0)
  simplecov
